GIT
  remote: https://github.com/joeldrapper/quickdraw.git
  revision: 1231db7fbfa1f08504b1a92e696974ef9c163b26
  specs:
    quickdraw (0.1.0)
      io-watch (~> 0.6)

PATH
  remote: .
  specs:
    plume (0.1.0)

GEM
  remote: https://rubygems.org/
  specs:
    ast (2.4.2)
    backport (1.2.0)
    benchmark (0.4.0)
    diff-lcs (1.5.1)
    docile (1.4.1)
    e2mmap (0.1.0)
    io-watch (0.6.3)
    jaro_winkler (1.6.0)
    json (2.9.1)
    kramdown (2.5.1)
      rexml (>= 3.3.9)
    kramdown-parser-gfm (1.1.0)
      kramdown (~> 2.0)
    language_server-protocol (3.17.0.3)
    logger (1.6.4)
    mini_portile2 (2.8.8)
    nokogiri (1.18.1)
      mini_portile2 (~> 2.8.2)
      racc (~> 1.4)
    nokogiri (1.18.1-arm64-darwin)
      racc (~> 1.4)
    parallel (1.26.3)
    parser (3.3.6.0)
      ast (~> 2.4.1)
      racc
    prism (1.3.0)
    racc (1.8.1)
    rainbow (3.1.1)
    rake (13.1.0)
    rbs (3.8.1)
      logger
    regexp_parser (2.10.0)
    reverse_markdown (2.1.1)
      nokogiri
    rexml (3.4.0)
    rubocop (1.69.2)
      json (~> 2.3)
      language_server-protocol (>= 3.17.0)
      parallel (~> 1.10)
      parser (>= 3.3.0.2)
      rainbow (>= 2.2.2, < 4.0)
      regexp_parser (>= 2.9.3, < 3.0)
      rubocop-ast (>= 1.36.2, < 2.0)
      ruby-progressbar (~> 1.7)
      unicode-display_width (>= 2.4.0, < 4.0)
    rubocop-ast (1.37.0)
      parser (>= 3.3.1.0)
    ruby-lsp (0.22.1)
      language_server-protocol (~> 3.17.0)
      prism (>= 1.2, < 2.0)
      rbs (>= 3, < 4)
      sorbet-runtime (>= 0.5.10782)
    ruby-progressbar (1.13.0)
    simplecov (0.22.0)
      docile (~> 1.1)
      simplecov-html (~> 0.11)
      simplecov_json_formatter (~> 0.1)
    simplecov-html (0.13.1)
    simplecov_json_formatter (0.1.4)
    solargraph (0.48.0)
      backport (~> 1.2)
      benchmark
      bundler (>= 1.17.2)
      diff-lcs (~> 1.4)
      e2mmap
      jaro_winkler (~> 1.5)
      kramdown (~> 2.3)
      kramdown-parser-gfm (~> 1.1)
      parser (~> 3.0)
      reverse_markdown (>= 1.0.5, < 3)
      rubocop (>= 0.52)
      thor (~> 1.0)
      tilt (~> 2.0)
      yard (~> 0.9, >= 0.9.24)
    sorbet-runtime (0.5.11708)
    thor (1.3.2)
    tilt (2.5.0)
    unicode-display_width (3.1.3)
      unicode-emoji (~> 4.0, >= 4.0.4)
    unicode-emoji (4.0.4)
    yard (0.9.37)

PLATFORMS
  arm64-darwin-21
  ruby

DEPENDENCIES
  plume!
  quickdraw!
  rake
  rubocop
  ruby-lsp
  simplecov
  solargraph

BUNDLED WITH
   2.5.4
